STORAGE: NONE
RESTRICTION: || (== netcoreapp3.1) (== netstandard2.0) (== netstandard2.1)
NUGET
  remote: https://api.nuget.org/v3/index.json
    Microsoft.OpenApi (1.1.4)
    Microsoft.OpenApi.Readers (1.1.4)
      Microsoft.OpenApi (>= 1.1.4)
      SharpYaml (>= 1.6.1)
    SharpYaml (1.6.6)
      System.Reflection.TypeExtensions (>= 4.3)
    System.Reflection.TypeExtensions (4.7)
